GEM
  remote: https://rubygems.org/
  specs:
    activesupport (5.1.4)
      concurrent-ruby (~> 1.0, >= 1.0.2)
      i18n (~> 0.7)
      minitest (~> 5.1)
      tzinfo (~> 1.1)
    addressable (2.5.2)
      public_suffix (>= 2.0.2, < 4.0)
    clockwork (2.0.2)
      activesupport
      tzinfo
    concurrent-ruby (1.0.5)
    css_parser (1.6.0)
      addressable
    dotenv (2.2.1)
    i18n (0.9.3)
      concurrent-ruby (~> 1.0)
    json (1.8.6)
    keen (1.1.1)
      addressable (~> 2.5)
      multi_json (~> 1.12)
    mail (2.7.0)
      mini_mime (>= 0.1.1)
    mini_mime (1.0.0)
    mini_portile2 (2.3.0)
    minitest (5.11.3)
    multi_json (1.13.1)
    mustermann (1.0.1)
    nokogiri (1.8.2)
      mini_portile2 (~> 2.3.0)
    public_suffix (3.0.1)
    pushpop (0.4.0)
      clockwork
      dotenv
      sinatra
      thor
    pushpop-keen (0.3)
      keen
      pushpop
    pushpop-sendgrid (0.1.3)
      mail
      pushpop
    rack (2.0.4)
    rack-protection (2.0.0)
      rack
    roadie (3.2.2)
      css_parser (~> 1.4)
      nokogiri (~> 1.5)
    sinatra (2.0.0)
      mustermann (~> 1.0)
      rack (~> 2.0)
      rack-protection (= 2.0.0)
      tilt (~> 2.0)
    thor (0.20.0)
    thread_safe (0.3.6)
    tilt (2.0.8)
    tzinfo (1.2.5)
      thread_safe (~> 0.1)

PLATFORMS
  ruby

DEPENDENCIES
  json (~> 1.8.6)
  pushpop
  pushpop-keen
  pushpop-sendgrid
  roadie

BUNDLED WITH
   1.16.0
